GIT
  remote: https://github.com/awesome-print/awesome_print.git
  revision: b95767e16b5db3511b4eae4f0e57a5af0b3e6d80
  branch: master
  specs:
    awesome_print (1.8.0)

GIT
  remote: https://github.com/jamis/bulk_insert.git
  revision: 3ded6b059af8d239ca0f5fbecca0de6138d49592
  branch: master
  specs:
    bulk_insert (1.7.0)
      activerecord (>= 3.2.0)

GIT
  remote: https://github.com/premailer/actionmailer_inline_css.git
  revision: 7f1774ad9e088f48f5cdc8bb57d1bcfecc69f2a9
  branch: master
  specs:
    actionmailer_inline_css (1.5.3)
      actionmailer (>= 3.0.0)
      nokogiri (>= 1.4.4)
      premailer (>= 1.7.1)

GEM
  remote: https://rubygems.org/
  specs:
    actioncable (5.2.4.3)
      actionpack (= 5.2.4.3)
      nio4r (~> 2.0)
      websocket-driver (>= 0.6.1)
    actionmailer (5.2.4.3)
      actionpack (= 5.2.4.3)
      actionview (= 5.2.4.3)
      activejob (= 5.2.4.3)
      mail (~> 2.5, >= 2.5.4)
      rails-dom-testing (~> 2.0)
    actionpack (5.2.4.3)
      actionview (= 5.2.4.3)
      activesupport (= 5.2.4.3)
      rack (~> 2.0, >= 2.0.8)
      rack-test (>= 0.6.3)
      rails-dom-testing (~> 2.0)
      rails-html-sanitizer (~> 1.0, >= 1.0.2)
    actionview (5.2.4.3)
      activesupport (= 5.2.4.3)
      builder (~> 3.1)
      erubi (~> 1.4)
      rails-dom-testing (~> 2.0)
      rails-html-sanitizer (~> 1.0, >= 1.0.3)
    active_model_serializers (0.10.6)
      actionpack (>= 4.1, < 6)
      activemodel (>= 4.1, < 6)
      case_transform (>= 0.2)
      jsonapi-renderer (>= 0.1.1.beta1, < 0.2)
    activejob (5.2.4.3)
      activesupport (= 5.2.4.3)
      globalid (>= 0.3.6)
    activemodel (5.2.4.3)
      activesupport (= 5.2.4.3)
    activerecord (5.2.4.3)
      activemodel (= 5.2.4.3)
      activesupport (= 5.2.4.3)
      arel (>= 9.0)
    activestorage (5.2.4.3)
      actionpack (= 5.2.4.3)
      activerecord (= 5.2.4.3)
      marcel (~> 0.3.1)
    activesupport (5.2.4.3)
      concurrent-ruby (~> 1.0, >= 1.0.2)
      i18n (>= 0.7, < 2)
      minitest (~> 5.1)
      tzinfo (~> 1.1)
    addressable (2.7.0)
      public_suffix (>= 2.0.2, < 5.0)
    airbrussh (1.3.0)
      sshkit (>= 1.6.1, != 1.7.0)
    arel (9.0.0)
    ast (2.4.0)
    aws-sdk (2.10.21)
      aws-sdk-resources (= 2.10.21)
    aws-sdk-core (2.10.21)
      aws-sigv4 (~> 1.0)
      jmespath (~> 1.0)
    aws-sdk-resources (2.10.21)
      aws-sdk-core (= 2.10.21)
    aws-sigv4 (1.0.1)
    base62-rb (0.3.1)
    builder (3.2.4)
    byebug (9.0.6)
    capistrano (3.7.2)
      airbrussh (>= 1.0.0)
      capistrano-harrow
      i18n
      rake (>= 10.0.0)
      sshkit (>= 1.9.0)
    capistrano-bundler (1.2.0)
      capistrano (~> 3.1)
      sshkit (~> 1.2)
    capistrano-harrow (0.5.3)
    capistrano-rails (1.2.2)
      capistrano (~> 3.1)
      capistrano-bundler (~> 1.1)
    capistrano-rails-console (2.2.0)
      capistrano (>= 3.5.0, < 4.0.0)
      sshkit-interactive (~> 0.2.0)
    capistrano-rbenv (2.1.1)
      capistrano (~> 3.1)
      sshkit (~> 1.3)
    capistrano3-nginx (2.1.6)
      capistrano (>= 3.0.0)
    capistrano3-puma (3.1.1)
      capistrano (~> 3.7)
      capistrano-bundler
      puma (~> 3.4)
    case_transform (0.2)
      activesupport
    concurrent-ruby (1.1.6)
    crack (0.4.3)
      safe_yaml (~> 1.0.0)
    crass (1.0.6)
    css_parser (1.5.0)
      addressable
    database_cleaner (1.6.1)
    diff-lcs (1.3)
    docile (1.1.5)
    domain_name (0.5.20170404)
      unf (>= 0.0.5, < 1.0.0)
    enumerize (2.1.2)
      activesupport (>= 3.2)
    erubi (1.9.0)
    et-orbi (1.0.5)
      tzinfo
    exception_notification (4.2.1)
      actionmailer (>= 4.0, < 6)
      activesupport (>= 4.0, < 6)
    factory_girl (4.8.0)
      activesupport (>= 3.0.0)
    factory_girl_rails (4.8.0)
      factory_girl (~> 4.8.0)
      railties (>= 3.0.0)
    faker (1.8.4)
      i18n (~> 0.5)
    faraday (0.12.2)
      multipart-post (>= 1.2, < 3)
    ffi (1.9.18)
    friendly_id (5.2.5)
      activerecord (>= 4.0.0)
    globalid (0.4.2)
      activesupport (>= 4.2.0)
    hashdiff (1.0.1)
    htmlentities (4.3.4)
    http-cookie (1.0.3)
      domain_name (~> 0.5)
    httparty (0.15.6)
      multi_xml (>= 0.5.2)
    i18n (0.9.5)
      concurrent-ruby (~> 1.0)
    jaro_winkler (1.5.1)
    jmespath (1.3.1)
    json (2.0.3)
    jsonapi-renderer (0.1.3)
    jwt (2.1.0)
    listen (3.1.5)
      rb-fsevent (~> 0.9, >= 0.9.4)
      rb-inotify (~> 0.9, >= 0.9.7)
      ruby_dep (~> 1.2)
    loofah (2.5.0)
      crass (~> 1.0.2)
      nokogiri (>= 1.5.9)
    mail (2.7.1)
      mini_mime (>= 0.1.1)
    marcel (0.3.3)
      mimemagic (~> 0.3.2)
    mechanize (2.7.5)
      domain_name (~> 0.5, >= 0.5.1)
      http-cookie (~> 1.0)
      mime-types (>= 1.17.2)
      net-http-digest_auth (~> 1.1, >= 1.1.1)
      net-http-persistent (~> 2.5, >= 2.5.2)
      nokogiri (~> 1.6)
      ntlm-http (~> 0.1, >= 0.1.1)
      webrobots (>= 0.0.9, < 0.2)
    method_source (1.0.0)
    mime-types (3.3.1)
      mime-types-data (~> 3.2015)
    mime-types-data (3.2020.0512)
    mimemagic (0.3.5)
    mini_mime (1.0.2)
    mini_portile2 (2.3.0)
    minitest (5.14.1)
    mono_logger (1.1.0)
    multi_json (1.12.1)
    multi_xml (0.6.0)
    multipart-post (2.0.0)
    mustermann (1.0.0)
    net-http-digest_auth (1.4.1)
    net-http-persistent (2.9.4)
    net-scp (1.2.1)
      net-ssh (>= 2.6.5)
    net-ssh (4.2.0)
    newrelic_rpm (6.13.1)
    nio4r (2.5.2)
    nokogiri (1.8.5)
      mini_portile2 (~> 2.3.0)
    ntlm-http (0.1.1)
    parallel (1.12.1)
    parser (2.5.3.0)
      ast (~> 2.4.0)
    paypal-sdk-rest (1.6.0)
      multi_json (~> 1.0)
      xml-simple
    pg (0.21.0)
    pg_search (2.3.2)
      activerecord (>= 5.2)
      activesupport (>= 5.2)
    powerpack (0.1.2)
    premailer (1.10.4)
      addressable
      css_parser (>= 1.4.10)
      htmlentities (>= 4.0.0)
    public_suffix (4.0.3)
    puma (3.8.2)
    rack (2.2.2)
    rack-cors (1.0.1)
    rack-protection (2.0.0)
      rack
    rack-test (1.1.0)
      rack (>= 1.0, < 3)
    rails (5.2.4.3)
      actioncable (= 5.2.4.3)
      actionmailer (= 5.2.4.3)
      actionpack (= 5.2.4.3)
      actionview (= 5.2.4.3)
      activejob (= 5.2.4.3)
      activemodel (= 5.2.4.3)
      activerecord (= 5.2.4.3)
      activestorage (= 5.2.4.3)
      activesupport (= 5.2.4.3)
      bundler (>= 1.3.0)
      railties (= 5.2.4.3)
      sprockets-rails (>= 2.0.0)
    rails-dom-testing (2.0.3)
      activesupport (>= 4.2.0)
      nokogiri (>= 1.6)
    rails-html-sanitizer (1.3.0)
      loofah (~> 2.3)
    railties (5.2.4.3)
      actionpack (= 5.2.4.3)
      activesupport (= 5.2.4.3)
      method_source
      rake (>= 0.8.7)
      thor (>= 0.19.0, < 2.0)
    rainbow (3.0.0)
    rake (13.0.1)
    rb-fsevent (0.10.2)
    rb-inotify (0.9.10)
      ffi (>= 0.5.0, < 2)
    rb-readline (0.5.5)
    redis (3.3.3)
    redis-namespace (1.5.3)
      redis (~> 3.0, >= 3.0.4)
    resque (1.27.4)
      mono_logger (~> 1.0)
      multi_json (~> 1.0)
      redis-namespace (~> 1.3)
      sinatra (>= 0.9.2)
      vegas (~> 0.1.2)
    resque-job-stats (0.5.0)
      resque (>= 1.17, < 3)
    resque-scheduler (4.3.0)
      mono_logger (~> 1.0)
      redis (~> 3.3)
      resque (~> 1.26)
      rufus-scheduler (~> 3.2)
    resque-sentry (1.2.0)
      resque (>= 1.18.0)
      sentry-raven (>= 0.4.6)
    rspec-core (3.6.0)
      rspec-support (~> 3.6.0)
    rspec-expectations (3.6.0)
      diff-lcs (>= 1.2.0, < 2.0)
      rspec-support (~> 3.6.0)
    rspec-mocks (3.6.0)
      diff-lcs (>= 1.2.0, < 2.0)
      rspec-support (~> 3.6.0)
    rspec-rails (3.6.0)
      actionpack (>= 3.0)
      activesupport (>= 3.0)
      railties (>= 3.0)
      rspec-core (~> 3.6.0)
      rspec-expectations (~> 3.6.0)
      rspec-mocks (~> 3.6.0)
      rspec-support (~> 3.6.0)
    rspec-support (3.6.0)
    rubocop (0.61.1)
      jaro_winkler (~> 1.5.1)
      parallel (~> 1.10)
      parser (>= 2.5, != 2.5.1.1)
      powerpack (~> 0.1)
      rainbow (>= 2.2.2, < 4.0)
      ruby-progressbar (~> 1.7)
      unicode-display_width (~> 1.4.0)
    ruby-progressbar (1.10.0)
    ruby_dep (1.5.0)
    rufus-scheduler (3.4.2)
      et-orbi (~> 1.0)
    safe_yaml (1.0.5)
    sentry-raven (2.6.2)
      faraday (>= 0.7.6, < 1.0)
    shoulda-matchers (4.1.2)
      activesupport (>= 4.2.0)
    simplecov (0.13.0)
      docile (~> 1.1.0)
      json (>= 1.8, < 3)
      simplecov-html (~> 0.10.0)
    simplecov-html (0.10.0)
    sinatra (2.0.0)
      mustermann (~> 1.0)
      rack (~> 2.0)
      rack-protection (= 2.0.0)
      tilt (~> 2.0)
    slack-notifier (2.3.0)
    spring (2.0.2)
      activesupport (>= 4.2)
    spring-commands-rspec (1.0.4)
      spring (>= 0.9.1)
    spring-watcher-listen (2.0.1)
      listen (>= 2.7, < 4.0)
      spring (>= 1.2, < 3.0)
    sprockets (4.0.2)
      concurrent-ruby (~> 1.0)
      rack (> 1, < 3)
    sprockets-rails (3.2.1)
      actionpack (>= 4.0)
      activesupport (>= 4.0)
      sprockets (>= 3.0.0)
    sshkit (1.15.0)
      net-scp (>= 1.1.2)
      net-ssh (>= 2.8.0)
    sshkit-interactive (0.2.1)
      sshkit (~> 1.12)
    thor (1.0.1)
    thread_safe (0.3.6)
    tilt (2.0.8)
    twilio-ruby (5.6.3)
      faraday (~> 0.9)
      jwt (>= 1.5, <= 2.5)
      nokogiri (>= 1.6, < 2.0)
    tzinfo (1.2.7)
      thread_safe (~> 0.1)
    unf (0.1.4)
      unf_ext
    unf_ext (0.0.7.4)
    unicode-display_width (1.4.0)
    vcr (3.0.3)
    vegas (0.1.11)
      rack (>= 1.0.0)
    webmock (3.8.3)
      addressable (>= 2.3.6)
      crack (>= 0.3.2)
      hashdiff (>= 0.4.0, < 2.0.0)
    webrobots (0.1.2)
    websocket-driver (0.7.2)
      websocket-extensions (>= 0.1.0)
    websocket-extensions (0.1.5)
    xml-simple (1.1.5)

PLATFORMS
  ruby

DEPENDENCIES
  actionmailer_inline_css!
  active_model_serializers (~> 0.10.0)
  awesome_print!
  aws-sdk (~> 2)
  base62-rb
  bulk_insert!
  byebug
  capistrano (= 3.7.2)
  capistrano-bundler
  capistrano-rails
  capistrano-rails-console
  capistrano-rbenv
  capistrano3-nginx
  capistrano3-puma
  database_cleaner
  enumerize
  exception_notification
  factory_girl_rails (~> 4.0)
  faker
  friendly_id (~> 5.2.4)
  httparty
  listen (>= 3.0.5, < 3.2)
  mechanize
  newrelic_rpm
  nokogiri (~> 1.8.1)
  paypal-sdk-rest
  pg (~> 0.18)
  pg_search
  puma (= 3.8.2)
  rack-cors
  rails (= 5.2.4.3)
  rb-readline
  resque
  resque-job-stats
  resque-scheduler
  resque-sentry
  rspec-rails (~> 3.5)
  rubocop (~> 0.61.1)
  sentry-raven
  shoulda-matchers
  simplecov
  slack-notifier
  spring
  spring-commands-rspec
  spring-watcher-listen (~> 2.0.0)
  twilio-ruby (~> 5.6.3)
  vcr
  webmock

BUNDLED WITH
   1.17.2
